PATH
  remote: .
  specs:
    airplayer (0.0.1)
      airplay
      rack
      ruby-progressbar
      thor

GEM
  remote: https://rubygems.org/
  specs:
    airplay (0.2.9)
      dnssd (~> 2.0)
      net-http-digest_auth (~> 1.2)
      net-http-persistent (>= 2.6)
    diff-lcs (1.1.3)
    dnssd (2.0)
    net-http-digest_auth (1.2.1)
    net-http-persistent (2.7)
    rack (1.4.1)
    rspec (2.11.0)
      rspec-core (~> 2.11.0)
      rspec-expectations (~> 2.11.0)
      rspec-mocks (~> 2.11.0)
    rspec-core (2.11.1)
    rspec-expectations (2.11.3)
      diff-lcs (~> 1.1.3)
    rspec-mocks (2.11.3)
    ruby-progressbar (1.0.1)
    thor (0.16.0)

PLATFORMS
  ruby

DEPENDENCIES
  airplayer!
  rspec
